GEM
  remote: https://rubygems.org/
  specs:
    minitest (5.5.0)
    oj (2.11.1)

PLATFORMS
  ruby

DEPENDENCIES
  minitest
  oj
